GEM
  remote: https://rubygems.org/
  specs:
    ffi (1.15.5)

PLATFORMS
  x86_64-linux

DEPENDENCIES
  ffi

RUBY VERSION
   ruby 3.1.2p20

BUNDLED WITH
   2.3.7
